PATH
  remote: .
  specs:
    tickle (1.0.1)
      activesupport (~> 3.2.0)
      chronic

GEM
  remote: https://rubygems.org/
  specs:
    activesupport (3.2.16)
      i18n (~> 0.6, >= 0.6.4)
      multi_json (~> 1.0)
    chronic (0.10.2)
    diff-lcs (1.2.5)
    docile (1.1.2)
    i18n (0.6.9)
    maruku (0.7.1)
    multi_json (1.8.4)
    rake (10.1.1)
    rspec (2.14.1)
      rspec-core (~> 2.14.0)
      rspec-expectations (~> 2.14.0)
      rspec-mocks (~> 2.14.0)
    rspec-core (2.14.7)
    rspec-expectations (2.14.4)
      diff-lcs (>= 1.1.3, < 2.0)
    rspec-mocks (2.14.4)
    shoulda (2.10.3)
    simplecov (0.8.2)
      docile (~> 1.1.0)
      multi_json
      simplecov-html (~> 0.8.0)
    simplecov-html (0.8.0)
    wirble (0.1.3)
    yard (0.8.7.3)

PLATFORMS
  ruby

DEPENDENCIES
  bundler (~> 1.2)
  maruku
  rake
  rspec
  shoulda (~> 2.10.3)
  simplecov
  tickle!
  wirble
  yard
